PATH
  remote: /Users/tomcopeland/github.com/byebug
  specs:
    byebug (2.2.0)
      columnize (~> 0.3.6)
      debugger-linecache (~> 1.2.0)

GEM
  remote: https://rubygems.org/
  specs:
    columnize (0.3.6)
    debugger-linecache (1.2.0)

PLATFORMS
  ruby

DEPENDENCIES
  byebug!
