PATH
  remote: .
  specs:
    pippi (0.0.1)

GEM
  remote: https://rubygems.org/
  specs:
    minitest (5.0.8)

PLATFORMS
  ruby

DEPENDENCIES
  minitest
  pippi!
